GEM
  remote: http://rubygems.org/
  specs:
    GData (0.0.4)
      builder (>= 2.1.2)
      hoe (>= 1.2.1)
    ParseTree (3.0.6)
      RubyInline (>= 3.7.0)
      sexp_processor (>= 3.0.0)
    RubyInline (3.8.6)
      ZenTest (~> 4.3)
    SystemTimer (1.2)
    ZenTest (4.4.0)
    activemodel (3.0.0)
      activesupport (= 3.0.0)
      builder (~> 2.1.2)
      i18n (~> 0.4.1)
    activerecord (3.0.0)
      activemodel (= 3.0.0)
      activesupport (= 3.0.0)
      arel (~> 1.0.0)
      tzinfo (~> 0.3.23)
    activesupport (3.0.0)
    addressable (2.1.1)
    andand (1.3.1)
    ansi (1.2.2)
    arel (1.0.1)
      activesupport (~> 3.0.0)
    artifice (0.5)
      rack-test
    bcrypt-ruby (2.1.2)
    blockenspiel (0.3.2)
    broach (0.1.4)
      nap (>= 0.3)
    builder (2.1.2)
    capybara (0.1.1)
      culerity (>= 0.2.3)
      database_cleaner (>= 0.2.3)
      nokogiri (>= 1.3.3)
      rack (>= 1.0.0)
      selenium-webdriver (>= 0.0.3)
    carbon (0.2.7)
      SystemTimer (>= 1.2)
      activesupport (>= 2.3.5)
      blockenspiel (>= 0.3.2)
      nap (>= 0.4)
      timeframe (>= 0.0.7)
    characterizable (0.0.16)
      activesupport (>= 2.3.5)
      blockenspiel (>= 0.3.2)
    cohort_scope (0.0.7)
      activerecord (>= 3.0.0.beta4)
      activesupport (>= 3.0.0.beta4)
    columnize (0.3.1)
    common_name (0.1.5)
      activesupport (>= 2.3.4)
    contest (0.1.2)
    conversions (1.4.5)
      activesupport (>= 2.3.4)
    crack (0.1.8)
    cucumber (0.8.5)
      builder (~> 2.1.2)
      diff-lcs (~> 1.1.2)
      gherkin (~> 2.1.4)
      json_pure (~> 1.4.3)
      term-ansicolor (~> 1.0.4)
    cucumber-rails (0.3.2)
      cucumber (>= 0.8.0)
    culerity (0.2.12)
    daemons (1.1.0)
    data_miner (0.5.3)
      activerecord (>= 2.3.4)
      activesupport (>= 2.3.4)
      andand (>= 1.3.1)
      blockenspiel (= 0.3.2)
      conversions (>= 1.4.4)
      errata (>= 0.2.1)
      escape (>= 0.0.4)
      log4r (>= 1.1.7)
      remote_table (>= 0.2.27)
      taps (= 0.3.11)
    data_objects (0.10.2)
      addressable (~> 2.1)
    database_cleaner (0.5.2)
    delayed_job (2.0.3)
      daemons
    diff-lcs (1.1.2)
    dm-aggregates (1.0.0)
      dm-core (~> 1.0.0)
    dm-core (1.0.0)
      addressable (~> 2.1)
      extlib (~> 0.9.15)
    dm-do-adapter (1.0.0)
      data_objects (~> 0.10.1)
      dm-core (~> 1.0.0)
    dm-migrations (1.0.0)
      dm-core (~> 1.0.0)
    dm-postgres-adapter (1.0.0)
      dm-do-adapter (~> 1.0.0)
      do_postgres (~> 0.10.2)
    dm-sqlite-adapter (1.0.0)
      dm-do-adapter (~> 1.0.0)
      do_sqlite3 (~> 0.10.2)
    dm-sweatshop (1.0.0)
      dm-core (~> 1.0.0)
      randexp (~> 0.1.5)
    dm-timestamps (1.0.0)
      dm-core (~> 1.0.0)
    dm-types (1.0.0)
      dm-core (~> 1.0.0)
      fastercsv (~> 1.5.3)
      json_pure (~> 1.4.3)
      stringex (~> 1.1.0)
      uuidtools (~> 2.1.1)
    dm-validations (1.0.0)
      dm-core (~> 1.0.0)
    do_postgres (0.10.2)
      data_objects (= 0.10.2)
    do_sqlite3 (0.10.2)
      data_objects (= 0.10.2)
    earth (0.0.36)
      activerecord (>= 3.0.0.beta4)
      cohort_scope (>= 0.0.6)
      conversions (>= 1.4.5)
      data_miner (>= 0.5.2)
      falls_back_on (>= 0.0.2)
      geokit (>= 1.5.0)
    emitter (0.0.11)
      activesupport (>= 3.0.0)
      characterizable (>= 0.0.16)
      cohort_scope (>= 0.0.7)
      data_miner (>= 0.5.3)
      earth (>= 0.0.29)
      falls_back_on (= 0.0.3)
      fast_timestamp (>= 0.0.4)
      leap (>= 0.4.3)
      summary_judgement (>= 1.3.8)
      timeframe (>= 0.0.8)
      weighted_average (>= 0.0.4)
    errata (0.2.3)
      activesupport (>= 2.3.4)
      remote_table (>= 0.2.20)
    escape (0.0.4)
    eventmachine (0.12.10)
    extlib (0.9.15)
    falls_back_on (0.0.3)
      activerecord
    fast_timestamp (0.0.4)
    fastercsv (1.5.3)
    ffi (0.6.3)
      rake (>= 0.8.7)
    geokit (1.5.0)
    gherkin (2.1.5)
      trollop (~> 1.16.2)
    haml (2.2.17)
    hoe (2.6.2)
      rake (>= 0.8.7)
      rubyforge (>= 2.0.4)
    hpricot (0.8.2)
    i18n (0.4.1)
    json (1.1.9)
    json_pure (1.4.6)
    leap (0.4.3)
      activesupport (>= 3.0.0.beta2)
      blockenspiel (>= 0.3.2)
    libxml-ruby (1.1.4)
    linecache (0.43)
    log4r (1.1.8)
    mailfactory (1.4.0)
      mime-types (>= 1.13.1)
    mime-types (1.16)
    mocha (0.9.8)
      rake
    nap (0.4)
    nokogiri (1.4.3.1)
    pg (0.9.0)
    rack (1.2.1)
    rack-test (0.5.0)
    rake (0.8.7)
    randexp (0.1.5)
      ParseTree
    redgreen (1.2.2)
    remote_table (0.2.30)
      activesupport (>= 2.3.4)
      escape (>= 0.0.4)
      fastercsv (>= 1.5.0)
      nokogiri (>= 1.4.1)
      roo (= 1.3.11)
      slither (>= 0.99.3)
    rest-client (1.4.2)
      mime-types (>= 1.16)
    roo (1.3.11)
      GData (>= 0.0.4)
      hpricot (>= 0.6)
      libxml-ruby (>= 1.1.3)
      rubyzip (>= 0.9.1)
      spreadsheet (>= 0.6.4)
    rr (1.0.0)
    rspec (2.0.0.beta.20)
      rspec-core (= 2.0.0.beta.20)
      rspec-expectations (= 2.0.0.beta.20)
      rspec-mocks (= 2.0.0.beta.20)
    rspec-core (2.0.0.beta.20)
    rspec-expectations (2.0.0.beta.20)
      diff-lcs (>= 1.1.2)
    rspec-mocks (2.0.0.beta.20)
    ruby-debug (0.10.3)
      columnize (>= 0.1)
      ruby-debug-base (~> 0.10.3.0)
    ruby-debug-base (0.10.3)
      linecache (>= 0.3)
    ruby-ole (1.2.10.1)
    rubyforge (2.0.4)
      json_pure (>= 1.1.7)
    rubyzip (0.9.4)
    rumbster (1.0.0)
    selenium-webdriver (0.0.28)
      ffi (>= 0.6.1)
      json_pure
      rubyzip
    sequel (3.13.0)
    sexp_processor (3.0.5)
    shout-bot (0.0.4)
      addressable
    sinatra (1.0)
      rack (>= 1.0)
    sinatra-authorization (1.0.0)
      sinatra (>= 0.9.1.1)
    sinatra-ditties (0.0.2)
      mailfactory (>= 1.4.0)
      sinatra (>= 0.3.2)
      tlsmail
    slither (0.99.3)
    sniff (0.1.12)
      activerecord (>= 3.0.0.beta4)
      activesupport (>= 3.0.0.beta4)
      common_name (>= 0.1.5)
      earth (~> 0.0.32)
      sqlite3-ruby (>= 1.3.0)
      timeframe (>= 0.0.8)
    spreadsheet (0.6.4.1)
      ruby-ole
    sqlite3-ruby (1.3.1)
    stringex (1.1.0)
    summary_judgement (1.3.8)
      activesupport (>= 2.3.4)
      verbs (>= 2.0.6)
    taps (0.3.11)
      json_pure (>= 1.2.0, < 1.5.0)
      rack (>= 1.0.1)
      rest-client (~> 1.4.0)
      sequel (~> 3.13.0)
      sinatra (~> 1.0.0)
      sqlite3-ruby (~> 1.2)
    term-ansicolor (1.0.5)
    thin (1.2.7)
      daemons (>= 1.0.9)
      eventmachine (>= 0.12.6)
      rack (>= 1.0.0)
    thor (0.9.9)
    timecop (0.3.5)
    timeframe (0.0.8)
      activesupport (>= 2.3.5)
    tlsmail (0.0.1)
    trollop (1.16.2)
    turn (0.8.0)
      ansi (>= 1.2.2)
    tzinfo (0.3.23)
    uuidtools (2.1.1)
    verbs (2.0.9)
      activesupport (>= 2.3.4)
      andand (>= 1.3.1)
    webmock (1.3.5)
      addressable (>= 2.1.1)
      crack (>= 0.1.7)
    webrat (0.6.0)
      nokogiri (>= 1.2.0)
      rack (>= 1.0)
    weighted_average (0.0.4)
      activerecord (>= 3.0.0.beta2)
      activesupport (>= 3.0.0.beta2)
      arel (>= 0.3.3)

PLATFORMS
  ruby

DEPENDENCIES
  ParseTree
  activerecord (~> 3.0.0)
  activesupport (~> 3.0.0)
  addressable (= 2.1.1)
  artifice
  bcrypt-ruby (= 2.1.2)
  broach
  bundler
  capybara
  carbon
  contest
  cucumber
  cucumber-rails
  data_objects (= 0.10.2)
  delayed_job
  dm-aggregates (= 1.0.0)
  dm-core (= 1.0.0)
  dm-migrations (= 1.0.0)
  dm-postgres-adapter (= 1.0.0)
  dm-sqlite-adapter (= 1.0.0)
  dm-sweatshop
  dm-timestamps (= 1.0.0)
  dm-types (= 1.0.0)
  dm-validations (= 1.0.0)
  do_postgres (= 0.10.2)
  do_sqlite3 (= 0.10.2)
  earth (~> 0.0.36)
  emitter
  extlib (= 0.9.15)
  haml (= 2.2.17)
  hpricot
  json (= 1.1.9)
  mocha
  nap
  nokogiri
  pg
  rack-test (= 0.5.0)
  rake
  randexp
  redgreen
  rr
  rspec (~> 2.0.0.beta.17)
  ruby-debug
  rumbster
  shout-bot
  sinatra (= 1.0.0)
  sinatra-authorization (= 1.0.0)
  sinatra-ditties
  sniff
  sqlite3-ruby
  thin
  thor (= 0.9.9)
  timecop
  turn
  uuidtools (= 2.1.1)
  webmock
  webrat
